PATH
  remote: .
  specs:
    ruby-metrics (0.8.6)
      json

GEM
  remote: http://rubygems.org/
  specs:
    activesupport (3.0.8)
    diff-lcs (1.1.2)
    i18n (0.6.0)
    json (1.5.1)
    rack (1.2.2)
    rack-test (0.5.7)
      rack (>= 1.0)
    rspec (2.5.0)
      rspec-core (~> 2.5.0)
      rspec-expectations (~> 2.5.0)
      rspec-mocks (~> 2.5.0)
    rspec-core (2.5.1)
    rspec-expectations (2.5.0)
      diff-lcs (~> 1.1.2)
    rspec-mocks (2.5.0)
    simplecov (0.4.0)
      simplecov-html (~> 0.4.0)
    simplecov-html (0.4.3)

PLATFORMS
  ruby

DEPENDENCIES
  activesupport
  i18n
  rack-test
  rspec
  ruby-metrics!
  simplecov (>= 0.3.8)
